GEM
  remote: https://rubygems.org/
  specs:
    actionmailer (3.2.12)
      actionpack (= 3.2.12)
      mail (~> 2.4.4)
    actionpack (3.2.12)
      activemodel (= 3.2.12)
      activesupport (= 3.2.12)
      builder (~> 3.0.0)
      erubis (~> 2.7.0)
      journey (~> 1.0.4)
      rack (~> 1.4.5)
      rack-cache (~> 1.2)
      rack-test (~> 0.6.1)
      sprockets (~> 2.2.1)
    activemodel (3.2.12)
      activesupport (= 3.2.12)
      builder (~> 3.0.0)
    activerecord (3.2.12)
      activemodel (= 3.2.12)
      activesupport (= 3.2.12)
      arel (~> 3.0.2)
      tzinfo (~> 0.3.29)
    activerecord-jdbc-adapter (1.2.9.1)
    activerecord-jdbcpostgresql-adapter (1.2.9)
      activerecord-jdbc-adapter (~> 1.2.9)
      jdbc-postgres (>= 9.1, < 9.3)
    activeresource (3.2.12)
      activemodel (= 3.2.12)
      activesupport (= 3.2.12)
    activesupport (3.2.12)
      i18n (~> 0.6)
      multi_json (~> 1.0)
    addressable (2.3.8)
    annotate (2.5.0)
      rake
    arel (3.0.2)
    awesome_print (1.8.0)
    bcrypt-ruby (3.0.1-java)
    blankslate (2.1.2.4)
    bootstrap-sass (3.1.1.0)
      sass (~> 3.2)
    bourbon (3.1.8)
      sass (>= 3.2.0)
      thor
    builder (3.0.4)
    capybara (2.4.4)
      mime-types (>= 1.16)
      nokogiri (>= 1.3.3)
      rack (>= 1.0.0)
      rack-test (>= 0.5.4)
      xpath (~> 2.0)
    coffee-rails (3.2.2)
      coffee-script (>= 2.2.0)
      railties (~> 3.2.0)
    coffee-script (2.2.0)
      coffee-script-source
      execjs
    coffee-script-source (1.6.3)
    columnize (0.9.0)
    database_cleaner (1.4.0)
    diff-lcs (1.2.4)
    docile (1.1.5)
    edn (1.0.0)
      parslet (~> 1.4.0)
    erubis (2.7.0)
    execjs (1.4.0)
      multi_json (~> 1.0)
    factory_girl (4.5.0)
      activesupport (>= 3.0.0)
    factory_girl_rails (4.5.0)
      factory_girl (~> 4.5.0)
      railties (>= 3.0.0)
    gem-licenses (0.1.2)
    hike (1.2.3)
    httpclient (2.3.4.1)
    i18n (0.6.5)
    jdbc-postgres (9.2.1004)
    jdbc-postgresql (9.2.1000)
    journey (1.0.4)
    jquery-rails (3.0.4)
      railties (>= 3.0, < 5.0)
      thor (>= 0.14, < 2.0)
    jquery-ui-rails (4.0.3)
      jquery-rails
      railties (>= 3.1.0)
    jruby-jars (1.7.4)
    jruby-rack (1.1.13.2)
    json (1.8.0-java)
    json-schema (2.6.2)
      addressable (~> 2.3.8)
    linecache (1.3.1-java)
    mail (2.4.4)
      i18n (>= 0.4.0)
      mime-types (~> 1.16)
      treetop (~> 1.4.8)
    metaclass (0.0.4)
    mime-types (1.23)
    mocha (1.1.0)
      metaclass (~> 0.0.1)
    multi_json (1.7.9)
    nokogiri (1.6.5-java)
    parslet (1.4.0)
      blankslate (~> 2.0)
    polyglot (0.3.3)
    rack (1.4.5)
    rack-cache (1.2)
      rack (>= 0.4)
    rack-ssl (1.3.3)
      rack
    rack-test (0.6.2)
      rack (>= 1.0)
    rails (3.2.12)
      actionmailer (= 3.2.12)
      actionpack (= 3.2.12)
      activerecord (= 3.2.12)
      activeresource (= 3.2.12)
      activesupport (= 3.2.12)
      bundler (~> 1.0)
      railties (= 3.2.12)
    railties (3.2.12)
      actionpack (= 3.2.12)
      activesupport (= 3.2.12)
      rack-ssl (~> 1.3.2)
      rake (>= 0.8.7)
      rdoc (~> 3.4)
      thor (>= 0.14.6, < 2.0)
    rake (10.1.0)
    rdoc (3.12.2)
      json (~> 1.4)
    rspec-core (2.14.3)
    rspec-expectations (2.14.0)
      diff-lcs (>= 1.1.3, < 2.0)
    rspec-mocks (2.14.1)
    rspec-rails (2.14.0)
      actionpack (>= 3.0)
      activesupport (>= 3.0)
      railties (>= 3.0)
      rspec-core (~> 2.14.0)
      rspec-expectations (~> 2.14.0)
      rspec-mocks (~> 2.14.0)
    ruby-debug (0.10.6)
      columnize (>= 0.1)
      linecache (~> 1.3.1)
      ruby-debug-base (~> 0.10.6.0)
    ruby-debug-base (0.10.6-java)
    rubyzip (0.9.9)
    sass (3.2.9)
    sass-rails (3.2.6)
      railties (~> 3.2.0)
      sass (>= 3.1.10)
      tilt (~> 1.3)
    simplecov (0.9.0)
      docile (~> 1.1.0)
      multi_json
      simplecov-html (~> 0.8.0)
    simplecov-html (0.8.0)
    spork (1.0.0rc3)
    spork-testunit (0.0.8)
      spork (>= 0.6.0)
    sprockets (2.2.2)
      hike (~> 1.2)
      multi_json (~> 1.0)
      rack (~> 1.0)
      tilt (~> 1.1, != 1.3.0)
    test-unit (2.5.5)
    therubyrhino (2.0.2)
      therubyrhino_jar (>= 1.7.3)
    therubyrhino_jar (1.7.4)
    thor (0.18.1)
    tilt (1.4.1)
    time_difference (0.4.2)
      activesupport
    torquebox (3.0.2)
      thor (>= 0.14.6)
      torquebox-cache (= 3.0.2)
      torquebox-configure (= 3.0.2)
      torquebox-core (= 3.0.2)
      torquebox-messaging (= 3.0.2)
      torquebox-naming (= 3.0.2)
      torquebox-rake-support (= 3.0.2)
      torquebox-security (= 3.0.2)
      torquebox-stomp (= 3.0.2)
      torquebox-transactions (= 3.0.2)
      torquebox-web (= 3.0.2)
    torquebox-cache (3.0.2-java)
      torquebox-core (= 3.0.2)
      torquebox-transactions (= 3.0.2)
    torquebox-configure (3.0.2-java)
      blankslate (= 2.1.2.4)
    torquebox-core (3.0.2-java)
      edn (= 1.0.0)
    torquebox-messaging (3.0.2-java)
      torquebox-core (= 3.0.2)
      torquebox-transactions (= 3.0.2)
    torquebox-naming (3.0.2-java)
      torquebox-core (= 3.0.2)
    torquebox-rake-support (3.0.2)
      rake (>= 0.8.7)
    torquebox-security (3.0.2-java)
      torquebox-core (= 3.0.2)
    torquebox-server (3.0.2-java)
      torquebox (= 3.0.2)
    torquebox-stomp (3.0.2)
      torquebox-core (= 3.0.2)
      torquebox-messaging (= 3.0.2)
    torquebox-transactions (3.0.2)
      torquebox-core (= 3.0.2)
    torquebox-web (3.0.2-java)
    treetop (1.4.14)
      polyglot
      polyglot (>= 0.3.1)
    tzinfo (0.3.37)
    uglifier (2.1.2)
      execjs (>= 0.3.0)
      multi_json (~> 1.0, >= 1.0.2)
    warbler (1.4.0.beta1)
      jruby-jars (>= 1.5.6)
      jruby-rack (>= 1.0.0)
      rake (>= 0.9.6)
      rubyzip (~> 0.9)
    xpath (2.0.0)
      nokogiri (~> 1.3)

PLATFORMS
  java

DEPENDENCIES
  activerecord-jdbcpostgresql-adapter (~> 1.2.9)
  annotate (= 2.5.0)
  awesome_print
  bcrypt-ruby (= 3.0.1)
  bootstrap-sass
  bourbon
  capybara
  coffee-rails (~> 3.2.1)
  database_cleaner
  factory_girl_rails
  gem-licenses
  httpclient (~> 2.3.4.1)
  jdbc-postgresql (= 9.2.1000)
  jquery-rails (= 3.0.4)
  jquery-ui-rails (= 4.0.3)
  json-schema
  mocha (~> 1.1.0)
  rails (= 3.2.12)
  rspec-rails (~> 2.14.0)
  ruby-debug
  sass-rails (~> 3.2.3)
  simplecov (~> 0.9.0)
  spork (~> 1.0rc)
  spork-testunit
  test-unit
  therubyrhino (= 2.0.2)
  time_difference
  torquebox (~> 3.0.2)
  torquebox-server (~> 3.0.2)
  uglifier (>= 1.0.3)
  warbler (= 1.4.0.beta1)

BUNDLED WITH
   1.12.5
